GIT
  remote: https://github.com/rubyamf/rocketamf.git
  revision: 796f591d002b5cf47df436dbcbd6f2ab00e869ed
  specs:
    RocketAMF (1.0.0)

GEM
  remote: https://rubygems.org/
  specs:
    byebug (3.5.1)
      columnize (~> 0.8)
      debugger-linecache (~> 1.2)
      slop (~> 3.6)
    columnize (0.9.0)
    debugger-linecache (1.2.0)
    diff-lcs (1.1.3)
    eventmachine (1.0.4)
    rake (0.9.2.2)
    rspec (2.11.0)
      rspec-core (~> 2.11.0)
      rspec-expectations (~> 2.11.0)
      rspec-mocks (~> 2.11.0)
    rspec-core (2.11.1)
    rspec-expectations (2.11.3)
      diff-lcs (~> 1.1.3)
    rspec-mocks (2.11.3)
    slop (3.6.0)

PLATFORMS
  ruby

DEPENDENCIES
  RocketAMF!
  byebug (= 3.5.1)
  eventmachine
  rake (= 0.9.2.2)
  rspec (= 2.11.0)
