PATH
  remote: .
  specs:
    amf_socket (0.0.2)
      RocketAMF (>= 0.2.1)
      eventmachine (>= 1.0.0.rc.4)

GEM
  remote: https://rubygems.org/
  specs:
    RocketAMF (0.2.1)
    eventmachine (1.0.0.rc.4)

PLATFORMS
  ruby

DEPENDENCIES
  amf_socket!
