PATH
  remote: .
  specs:
    amf_socket (0.2.0)
      RocketAMF (>= 0.2.1)
      eventmachine (>= 0.12.10)

GEM
  remote: https://rubygems.org/
  specs:
    RocketAMF (0.2.1)
    eventmachine (0.12.10)

PLATFORMS
  ruby

DEPENDENCIES
  amf_socket!
