PATH
  remote: .
  specs:
    amf_socket (0.3.2)
      RocketAMF (~> 0.2.1)
      eventmachine (~> 1.0.0)

GEM
  remote: https://rubygems.org/
  specs:
    RocketAMF (0.2.1)
    diff-lcs (1.1.3)
    eventmachine (1.0.3)
    ffi (1.9.0)
    growl (1.0.3)
    guard (1.3.2)
      listen (>= 0.4.2)
      thor (>= 0.14.6)
    guard-rspec (1.2.1)
      guard (>= 1.1)
    listen (1.2.1)
      rb-fsevent (>= 0.9.3)
      rb-inotify (>= 0.9)
      rb-kqueue (>= 0.2)
    rake (0.9.2.2)
    rb-fsevent (0.9.3)
    rb-inotify (0.9.0)
      ffi (>= 0.5.0)
    rb-kqueue (0.2.0)
      ffi (>= 0.5.0)
    rspec (2.11.0)
      rspec-core (~> 2.11.0)
      rspec-expectations (~> 2.11.0)
      rspec-mocks (~> 2.11.0)
    rspec-core (2.11.1)
    rspec-expectations (2.11.3)
      diff-lcs (~> 1.1.3)
    rspec-mocks (2.11.3)
    thor (0.18.1)

PLATFORMS
  ruby

DEPENDENCIES
  amf_socket!
  growl (= 1.0.3)
  guard (= 1.3.2)
  guard-rspec (= 1.2.1)
  rake (= 0.9.2.2)
  rspec (= 2.11.0)
