PATH
  remote: .
  specs:
    amf_socket (0.0.1)

GEM
  remote: https://rubygems.org/
  specs:
    eventmachine (1.0.0.rc.4)

PLATFORMS
  ruby

DEPENDENCIES
  amf_socket!
  eventmachine (>= 1.0.0.rc.4)
