PATH
  remote: .
  specs:
    amf_socket (0.3.1)
      RocketAMF (>= 0.2.1)
      eventmachine (>= 1.0.0)

GEM
  remote: https://rubygems.org/
  specs:
    RocketAMF (0.2.1)
    columnize (0.3.6)
    debugger (1.2.0)
      columnize (>= 0.3.1)
      debugger-linecache (~> 1.1.1)
      debugger-ruby_core_source (~> 1.1.3)
    debugger-linecache (1.1.2)
      debugger-ruby_core_source (>= 1.1.1)
    debugger-ruby_core_source (1.1.3)
    diff-lcs (1.1.3)
    eventmachine (1.0.0)
    ffi (1.1.5)
    growl (1.0.3)
    guard (1.3.2)
      listen (>= 0.4.2)
      thor (>= 0.14.6)
    guard-rspec (1.2.1)
      guard (>= 1.1)
    listen (0.4.7)
      rb-fchange (~> 0.0.5)
      rb-fsevent (~> 0.9.1)
      rb-inotify (~> 0.8.8)
    rake (0.9.2.2)
    rb-fchange (0.0.5)
      ffi
    rb-fsevent (0.9.1)
    rb-inotify (0.8.8)
      ffi (>= 0.5.0)
    rspec (2.11.0)
      rspec-core (~> 2.11.0)
      rspec-expectations (~> 2.11.0)
      rspec-mocks (~> 2.11.0)
    rspec-core (2.11.1)
    rspec-expectations (2.11.2)
      diff-lcs (~> 1.1.3)
    rspec-mocks (2.11.2)
    thor (0.16.0)

PLATFORMS
  ruby

DEPENDENCIES
  amf_socket!
  debugger (= 1.2.0)
  growl (= 1.0.3)
  guard (= 1.3.2)
  guard-rspec (= 1.2.1)
  rake (= 0.9.2.2)
  rspec (= 2.11.0)
